PATH
  remote: .
  specs:
    gogcom (0.0.3)
      json (~> 1.8, >= 1.8.1)
      nokogiri (~> 1.6, >= 1.6.3.1)

GEM
  remote: http://rubygems.org/
  specs:
    docile (1.1.5)
    json (1.8.1)
    mini_portile (0.6.0)
    minitest (5.4.1)
    multi_json (1.10.1)
    nokogiri (1.6.3.1)
      mini_portile (= 0.6.0)
    rake (10.3.2)
    simplecov (0.9.0)
      docile (~> 1.1.0)
      multi_json
      simplecov-html (~> 0.8.0)
    simplecov-html (0.8.0)

PLATFORMS
  ruby

DEPENDENCIES
  gogcom!
  minitest (~> 5.4)
  rake (~> 10.3)
  simplecov (~> 0.9)
