PATH
  remote: .
  specs:
    gogcom (0.0.26)
      coveralls (= 0.7.2)
      json (~> 1.8, >= 1.8.1)
      simple-rss (~> 1.3, >= 1.3.1)

GEM
  remote: http://rubygems.org/
  specs:
    addressable (2.3.6)
    coveralls (0.7.2)
      multi_json (~> 1.3)
      rest-client (= 1.6.7)
      simplecov (>= 0.7)
      term-ansicolor (= 1.2.2)
      thor (= 0.18.1)
    crack (0.4.2)
      safe_yaml (~> 1.0.0)
    docile (1.1.5)
    json (1.8.1)
    mime-types (2.4.3)
    minitest (5.4.3)
    multi_json (1.10.1)
    rake (10.3.2)
    rest-client (1.6.7)
      mime-types (>= 1.16)
    safe_yaml (1.0.4)
    simple-rss (1.3.1)
    simplecov (0.9.1)
      docile (~> 1.1.0)
      multi_json (~> 1.0)
      simplecov-html (~> 0.8.0)
    simplecov-html (0.8.0)
    term-ansicolor (1.2.2)
      tins (~> 0.8)
    thor (0.18.1)
    tins (0.13.2)
    vcr (2.9.3)
    webmock (1.20.4)
      addressable (>= 2.3.6)
      crack (>= 0.3.2)

PLATFORMS
  ruby

DEPENDENCIES
  gogcom!
  minitest (= 5.4.3)
  rake (~> 10.3)
  simplecov (>= 0.9.1)
  vcr (>= 2.9.1)
  webmock (= 1.20.4)
