PATH
  remote: .
  specs:
    gogcom (0.0.24)
      coveralls (~> 0.7, >= 0.7.1)
      json (~> 1.8, >= 1.8.1)
      simple-rss (~> 1.3, >= 1.3.1)

GEM
  remote: http://rubygems.org/
  specs:
    addressable (2.3.6)
    coveralls (0.7.1)
      multi_json (~> 1.3)
      rest-client
      simplecov (>= 0.7)
      term-ansicolor
      thor
    crack (0.4.2)
      safe_yaml (~> 1.0.0)
    docile (1.1.5)
    json (1.8.1)
    mime-types (2.4.2)
    minitest (5.4.1)
    multi_json (1.10.1)
    netrc (0.8.0)
    rake (10.3.2)
    rest-client (1.7.2)
      mime-types (>= 1.16, < 3.0)
      netrc (~> 0.7)
    safe_yaml (1.0.3)
    simple-rss (1.3.1)
    simplecov (0.9.1)
      docile (~> 1.1.0)
      multi_json (~> 1.0)
      simplecov-html (~> 0.8.0)
    simplecov-html (0.8.0)
    term-ansicolor (1.3.0)
      tins (~> 1.0)
    thor (0.19.1)
    tins (1.3.3)
    vcr (2.9.3)
    webmock (1.18.0)
      addressable (>= 2.3.6)
      crack (>= 0.3.2)

PLATFORMS
  ruby

DEPENDENCIES
  gogcom!
  minitest (~> 5.4)
  rake (~> 10.3)
  simplecov (>= 0.9.1)
  vcr (>= 2.9.1)
  webmock (~> 1.18)
