GEM
  remote: https://rubygems.org/
  specs:
    mini_portile (0.6.0)
    minitest (5.4.0)
    nokogiri (1.6.3.1)
      mini_portile (= 0.6.0)
    rake (10.3.2)

PLATFORMS
  ruby

DEPENDENCIES
  minitest (~> 5.4.0)
  nokogiri (~> 1.6.3.1)
  rake
